PATH
  remote: .
  specs:
    lightgbm (0.1.0)
      ffi

GEM
  remote: https://rubygems.org/
  specs:
    ffi (1.11.1)
    minitest (5.11.3)
    rake (12.3.3)

PLATFORMS
  ruby

DEPENDENCIES
  bundler
  lightgbm!
  minitest (>= 5)
  rake

BUNDLED WITH
   2.0.2
